PATH
  remote: .
  specs:
    checkme (0.1.0)
      dotenv
      midi-smtp-server
      thor
      truemail
      zeitwerk

GEM
  remote: https://rubygems.org/
  specs:
    agents (0.1.4)
    ast (2.4.2)
    date (3.3.4)
    diff-lcs (1.5.1)
    dotenv (3.0.2)
    ethon (0.16.0)
      ffi (>= 1.15.0)
    ffi (1.16.3)
    json (2.7.1)
    language_server-protocol (3.17.0.3)
    mail (2.8.1)
      mini_mime (>= 0.1.1)
      net-imap
      net-pop
      net-smtp
    midi-smtp-server (3.2.1)
    mini_mime (1.1.5)
    net-imap (0.4.10)
      date
      net-protocol
    net-pop (0.1.2)
      net-protocol
    net-protocol (0.2.2)
      timeout
    net-smtp (0.4.0.1)
      net-protocol
    ox (2.14.17)
    parallel (1.24.0)
    parser (3.3.0.5)
      ast (~> 2.4.1)
      racc
    racc (1.7.3)
    rainbow (3.1.1)
    rake (13.1.0)
    regexp_parser (2.9.0)
    rexml (3.2.6)
    rspec (3.13.0)
      rspec-core (~> 3.13.0)
      rspec-expectations (~> 3.13.0)
      rspec-mocks (~> 3.13.0)
    rspec-core (3.13.0)
      rspec-support (~> 3.13.0)
    rspec-expectations (3.13.0)
      diff-lcs (>= 1.2.0, < 2.0)
      rspec-support (~> 3.13.0)
    rspec-mocks (3.13.0)
      diff-lcs (>= 1.2.0, < 2.0)
      rspec-support (~> 3.13.0)
    rspec-support (3.13.0)
    rubocop (1.60.2)
      json (~> 2.3)
      language_server-protocol (>= 3.17.0)
      parallel (~> 1.10)
      parser (>= 3.3.0.2)
      rainbow (>= 2.2.2, < 4.0)
      regexp_parser (>= 1.8, < 3.0)
      rexml (>= 3.2.5, < 4.0)
      rubocop-ast (>= 1.30.0, < 2.0)
      ruby-progressbar (~> 1.7)
      unicode-display_width (>= 2.4.0, < 3.0)
    rubocop-ast (1.30.0)
      parser (>= 3.2.1.0)
    ruby-progressbar (1.13.0)
    simpleidn (0.2.1)
      unf (~> 0.1.4)
    thor (1.3.0)
    timeout (0.4.1)
    truemail (3.1.2)
      simpleidn (~> 0.2.1)
    trumail (2.1.0)
      agents
      ox
      typhoeus
    typhoeus (1.4.1)
      ethon (>= 0.9.0)
    unf (0.1.4)
      unf_ext
    unf_ext (0.0.9.1)
    unicode-display_width (2.5.0)
    zeitwerk (2.6.13)

PLATFORMS
  arm64-darwin-23

DEPENDENCIES
  checkme!
  dotenv
  mail
  midi-smtp-server
  rake (~> 13.0)
  rspec (~> 3.0)
  rubocop (~> 1.21)
  thor
  trumail
  zeitwerk

BUNDLED WITH
   2.4.19
